GEM
  remote: https://rubygems.org/
  specs:
    dotenv (2.1.1)
    oauth (0.5.1)

PLATFORMS
  ruby

DEPENDENCIES
  dotenv (~> 2.1)
  oauth (~> 0.5.1)

BUNDLED WITH
   1.10.6
